GIT
  remote: git://github.com/chef/chef_ruby_project.git
  revision: 7d9a78a4a5a538d4aa849fc5e15ae49ded40b4a9
  specs:
    chef_ruby_project (0.1.0)
      bundler
      chefstyle
      github_changelog_generator
      pry
      rake
      rspec

PATH
  remote: .
  specs:
    jenkins_pipeline_report (1.0.0)
      jenkins_api_client
      psych

GEM
  remote: https://rubygems.org/
  specs:
    addressable (2.4.0)
    ast (2.2.0)
    chefstyle (0.3.1)
      rubocop (= 0.39.0)
    coderay (1.1.1)
    colorize (0.7.7)
    descendants_tracker (0.0.4)
      thread_safe (~> 0.3, >= 0.3.1)
    diff-lcs (1.2.5)
    faraday (0.9.2)
      multipart-post (>= 1.2, < 3)
    github_api (0.14.0)
      addressable (~> 2.4.0)
      descendants_tracker (~> 0.0.4)
      faraday (~> 0.8, < 0.10)
      hashie (>= 3.4)
      oauth2
    github_changelog_generator (1.12.1)
      colorize (~> 0.7)
      github_api (~> 0.12)
      rake (>= 10.0)
    hashie (3.4.4)
    jenkins_api_client (1.4.2)
      json
      mixlib-shellout (>= 1.1.0)
      nokogiri (~> 1.6.0)
      terminal-table (>= 1.4.0)
      thor (>= 0.16.0)
    json (1.8.3)
    jwt (1.5.1)
    method_source (0.8.2)
    mini_portile2 (2.0.0)
    mixlib-shellout (2.2.6)
    multi_json (1.12.1)
    multi_xml (0.5.5)
    multipart-post (2.0.0)
    nokogiri (1.6.7.2)
      mini_portile2 (~> 2.0.0.rc2)
    oauth2 (1.1.0)
      faraday (>= 0.8, < 0.10)
      jwt (~> 1.0, < 1.5.2)
      multi_json (~> 1.3)
      multi_xml (~> 0.5)
      rack (>= 1.2, < 3)
    parser (2.3.1.0)
      ast (~> 2.2)
    powerpack (0.1.1)
    pry (0.10.3)
      coderay (~> 1.1.0)
      method_source (~> 0.8.1)
      slop (~> 3.4)
    psych (2.0.17)
    rack (1.6.4)
    rainbow (2.1.0)
    rake (11.1.2)
    rspec (3.4.0)
      rspec-core (~> 3.4.0)
      rspec-expectations (~> 3.4.0)
      rspec-mocks (~> 3.4.0)
    rspec-core (3.4.4)
      rspec-support (~> 3.4.0)
    rspec-expectations (3.4.0)
      diff-lcs (>= 1.2.0, < 2.0)
      rspec-support (~> 3.4.0)
    rspec-mocks (3.4.1)
      diff-lcs (>= 1.2.0, < 2.0)
      rspec-support (~> 3.4.0)
    rspec-support (3.4.1)
    rubocop (0.39.0)
      parser (>= 2.3.0.7, < 3.0)
      powerpack (~> 0.1)
      rainbow (>= 1.99.1, < 3.0)
      ruby-progressbar (~> 1.7)
      unicode-display_width (~> 1.0, >= 1.0.1)
    ruby-progressbar (1.8.1)
    slop (3.6.0)
    terminal-table (1.5.2)
    thor (0.19.1)
    thread_safe (0.3.5)
    unicode-display_width (1.0.5)

PLATFORMS
  ruby

DEPENDENCIES
  bundler
  chef_ruby_project!
  chefstyle
  github_changelog_generator
  jenkins_pipeline_report!
  pry
  rake
  rspec

BUNDLED WITH
   1.12.5
